PATH
  remote: .
  specs:
    slackdo (0.3.8)

GEM
  remote: https://rubygems.org/
  specs:
    rake (10.4.2)

PLATFORMS
  ruby

DEPENDENCIES
  bundler (~> 1.13)
  rake (~> 10.0)
  slackdo!

BUNDLED WITH
   1.13.7
